GEM
  remote: https://rubygems.org/
  specs:
    json (2.3.0)

PLATFORMS
  ruby
  x64-mingw32

DEPENDENCIES
  json

BUNDLED WITH
   1.16.5
